GEM
  remote: https://rubygems.org/
  specs:
    chunky_png (1.3.3)
    compass (0.12.6)
      chunky_png (~> 1.2)
      fssm (>= 0.2.7)
      sass (~> 3.2.19)
    fssm (0.2.10)
    sass (3.2.19)
    zurb-foundation (4.3.2)
      sass (>= 3.2.0)

PLATFORMS
  ruby
  x64-mingw32

DEPENDENCIES
  compass (= 0.12.6)
  sass (= 3.2.19)
  zurb-foundation (= 4.3.2)

BUNDLED WITH
   1.12.3
